GEM
  remote: https://rubygems.org/
  specs:
    addressable (2.5.0)
      public_suffix (~> 2.0, >= 2.0.2)
    foreman (0.83.0)
      thor (~> 0.19.1)
    minitest (5.10.1)
    public_suffix (2.0.5)
    puma (3.7.1)
    rack (1.6.5)
    rack-canonical-host (0.2.2)
      addressable (> 0, < 3)
      rack (>= 1.0.0, < 3)
    rack-protection (1.5.3)
      rack
    rack-test (0.6.3)
      rack (>= 1.0)
    rake (12.0.0)
    sinatra (1.4.8)
      rack (~> 1.5)
      rack-protection (~> 1.4)
      tilt (>= 1.3, < 3)
    thor (0.19.4)
    tilt (2.0.6)

PLATFORMS
  ruby

DEPENDENCIES
  foreman
  minitest
  puma
  rack-canonical-host
  rack-test
  rake
  sinatra

RUBY VERSION
   ruby 2.3.3p222

BUNDLED WITH
   1.14.3
